PATH
  remote: .
  specs:
    dynamic_locals (0.1.0)

GEM
  remote: https://rubygems.org/
  specs:
    minitest (5.11.3)
    rake (12.3.3)

PLATFORMS
  ruby

DEPENDENCIES
  bundler (~> 1.17)
  dynamic_locals!
  minitest (~> 5.0)
  rake (~> 12.0)

BUNDLED WITH
   1.17.3
