PATH
  remote: .
  specs:
    dynamic_locals (0.1.0)

GEM
  remote: https://rubygems.org/
  specs:
    minitest (5.16.2)
    rake (13.0.6)

PLATFORMS
  ruby

DEPENDENCIES
  bundler (~> 2.0)
  dynamic_locals!
  minitest (~> 5.0)
  rake (~> 13.0)

BUNDLED WITH
   2.3.4
